GEM
  remote: http://rubygems.org/
  specs:
    bato (0.0.10)
      ruby2ruby
    daemons (1.2.6)
    eventmachine (1.2.5)
    mustermann (1.0.1)
    rack (2.0.4)
    rack-protection (2.0.0)
      rack
    ruby2ruby (2.4.0)
      ruby_parser (~> 3.1)
      sexp_processor (~> 4.6)
    ruby_parser (3.10.1)
      sexp_processor (~> 4.9)
    sexp_processor (4.10.0)
    shotgun (0.9.2)
      rack (>= 1.0)
    sinatra (2.0.0)
      mustermann (~> 1.0)
      rack (~> 2.0)
      rack-protection (= 2.0.0)
      tilt (~> 2.0)
    thin (1.7.2)
      daemons (~> 1.0, >= 1.0.9)
      eventmachine (~> 1.0, >= 1.0.4)
      rack (>= 1, < 3)
    tilt (2.0.8)

PLATFORMS
  ruby

DEPENDENCIES
  bato (= 0.0.10)
  bundler (= 1.16.1)
  daemons (= 1.2.6)
  eventmachine (= 1.2.5)
  mustermann (= 1.0.1)
  rack (= 2.0.4)
  rack-protection (= 2.0.0)
  ruby2ruby (= 2.4.0)
  ruby_parser (= 3.10.1)
  sexp_processor (= 4.10.0)
  shotgun (= 0.9.2)
  sinatra (= 2.0.0)
  thin (= 1.7.2)
  tilt (= 2.0.8)

BUNDLED WITH
   1.16.1
