GEM
  remote: http://rubygems.org/
  specs:
    bato (0.0.15)
      ruby2ruby (~> 2.4.4)
    daemons (1.4.1)
    eventmachine (1.2.7)
    mustermann (1.1.2)
      ruby2_keywords (~> 0.0.1)
    rack (2.2.6.2)
    rack-protection (2.2.1)
      rack
    ruby2_keywords (0.0.5)
    ruby2ruby (2.4.4)
      ruby_parser (~> 3.1)
      sexp_processor (~> 4.6)
    ruby_parser (3.19.1)
      sexp_processor (~> 4.16)
    sexp_processor (4.16.1)
    shotgun (0.9.2)
      rack (>= 1.0)
    sinatra (2.2.1)
      mustermann (~> 1.0)
      rack (~> 2.2)
      rack-protection (= 2.2.1)
      tilt (~> 2.0)
    thin (1.8.1)
      daemons (~> 1.0, >= 1.0.9)
      eventmachine (~> 1.0, >= 1.0.4)
      rack (>= 1, < 3)
    tilt (2.0.11)

PLATFORMS
  x86_64-darwin-20
  x86_64-darwin-21
  x86_64-linux

DEPENDENCIES
  bato (~> 0.0)
  bundler
  daemons (~> 1.4)
  eventmachine (~> 1.2)
  mustermann (~> 1.1)
  rack (~> 2.2)
  rack-protection (~> 2.1)
  ruby2ruby (~> 2.4)
  ruby_parser (~> 3.17)
  sexp_processor (~> 4.15)
  shotgun (~> 0.9)
  sinatra (~> 2.1)
  thin (~> 1.8)
  tilt (~> 2.0)

RUBY VERSION
   ruby 3.1.2p64

BUNDLED WITH
   2.3.25
